GEM
  remote: https://rubygems.org/
  specs:
    celluloid (0.17.3)
      celluloid-essentials
      celluloid-extras
      celluloid-fsm
      celluloid-pool
      celluloid-supervision
      timers (>= 4.1.1)
    celluloid-essentials (0.20.5)
      timers (>= 4.1.1)
    celluloid-extras (0.20.5)
      timers (>= 4.1.1)
    celluloid-fsm (0.20.5)
      timers (>= 4.1.1)
    celluloid-pmap (0.2.2)
      celluloid (>= 0.16)
    celluloid-pool (0.20.5)
      timers (>= 4.1.1)
    celluloid-supervision (0.20.6)
      timers (>= 4.1.1)
    hitimes (1.2.4)
    hitimes (1.2.4-java)
    parallel (1.9.0)
    peach (0.5.1)
    pmap (1.1.1)
    timers (4.1.1)
      hitimes

PLATFORMS
  java
  ruby

DEPENDENCIES
  celluloid
  celluloid-pmap
  parallel
  peach
  pmap

BUNDLED WITH
   1.12.5
